PATH
  remote: .
  specs:
    sensu-plugins-azure-burstable-metrics (0.0.7)
      json (= 2.7.1)
      mixlib-cli (= 1.7.0)
      parallel (= 1.19.2)
      sensu-plugin (>= 1.2, < 5.0)

GEM
  remote: https://rubygems.org/
  specs:
    diff-lcs (1.4.4)
    json (2.7.1)
    mixlib-cli (1.7.0)
    parallel (1.19.2)
    rspec (3.10.0)
      rspec-core (~> 3.10.0)
      rspec-expectations (~> 3.10.0)
      rspec-mocks (~> 3.10.0)
    rspec-core (3.10.1)
      rspec-support (~> 3.10.0)
    rspec-expectations (3.10.1)
      diff-lcs (>= 1.2.0, < 2.0)
      rspec-support (~> 3.10.0)
    rspec-mocks (3.10.2)
      diff-lcs (>= 1.2.0, < 2.0)
      rspec-support (~> 3.10.0)
    rspec-support (3.10.2)
    sensu-plugin (4.0.0)
      json (< 3.0.0)
      mixlib-cli (~> 1.5)

PLATFORMS
  ruby

DEPENDENCIES
  rspec (~> 3.0)
  sensu-plugins-azure-burstable-metrics!

BUNDLED WITH
   1.16.0
